GEM
  remote: http://rubygems.org/
  specs:
    configuration (1.1.0)
    diff-lcs (1.1.2)
    fuubar (0.0.1)
      progressbar (~> 0.9)
      rspec (~> 2.0)
      rspec-instafail (~> 0.1)
    guard (0.2.2)
      open_gem (~> 1.4.2)
      thor (~> 0.14.3)
    launchy (0.3.7)
      configuration (>= 0.0.5)
      rake (>= 0.8.1)
    notifiers (1.1.0)
    open_gem (1.4.2)
      launchy (~> 0.3.5)
    progressbar (0.9.0)
    rake (0.8.7)
    rake-compiler (0.7.1)
      rake (>= 0.8.3, < 0.9)
    rspec (2.1.0)
      rspec-core (~> 2.1.0)
      rspec-expectations (~> 2.1.0)
      rspec-mocks (~> 2.1.0)
    rspec-core (2.1.0)
    rspec-expectations (2.1.0)
      diff-lcs (~> 1.1.2)
    rspec-instafail (0.1.3)
    rspec-mocks (2.1.0)
    thor (0.14.4)

PLATFORMS
  ruby

DEPENDENCIES
  fuubar
  guard
  notifiers
  rake
  rake-compiler
  rspec
